PATH
  remote: .
  specs:
    wav2cas (0.0.1)
      wavefile (~> 1.1)

GEM
  remote: https://rubygems.org/
  specs:
    rake (12.3.3)
    wavefile (1.1.1)

PLATFORMS
  ruby

DEPENDENCIES
  rake (~> 12.0)
  wav2cas!

BUNDLED WITH
   2.1.4
